{
    "TaskName": "catFR2",
    "Manufacturer": "n/a",
    "PowerLineFrequency": 60.0,
    "SamplingFrequency": 999.0,
    "SoftwareFilters": "n/a",
    "RecordingDuration": 5322.480480480481,
    "RecordingType": "continuous",
    "iEEGReference": "bipolar",
    "ECOGChannelCount": 141,
    "SEEGChannelCount": 14,
    "EEGChannelCount": 0,
    "EOGChannelCount": 0,
    "ECGChannelCount": 0,
    "EMGChannelCount": 0,
    "MiscChannelCount": 0,
    "TriggerChannelCount": 0,
    "TaskDescription": "categorized free recall with open-loop stimulation at encoding",
    "HardwareFilters": "n/a",
    "ElectricalStimulation": true
}
